PATH
  remote: .
  specs:
    sablon (0.4.3)
      nokogiri (~> 1, >= 1.8.5)
      rubyzip (>= 1.3.0, < 3)

GEM
  remote: https://rubygems.org/
  specs:
    mini_portile2 (2.8.7)
    minitest (5.20.0)
    nokogiri (1.16.6)
      mini_portile2 (~> 2.8.2)
      racc (~> 1.4)
    racc (1.8.0)
    rake (13.1.0)
    rexml (3.2.6)
    rubyzip (2.3.2)
    xml-simple (1.1.9)
      rexml

PLATFORMS
  ruby

DEPENDENCIES
  bundler (~> 2, >= 1.6)
  minitest (~> 5.4)
  rake (~> 13.0)
  sablon!
  xml-simple (~> 1)

BUNDLED WITH
   2.4.15
